PATH
  remote: .
  specs:
    spork_tasks (1.1.1)
      rake
      spork

GEM
  remote: https://rubygems.org/
  specs:
    diff-lcs (1.2.5)
    rake (10.1.1)
    rspec (2.14.1)
      rspec-core (~> 2.14.0)
      rspec-expectations (~> 2.14.0)
      rspec-mocks (~> 2.14.0)
    rspec-core (2.14.7)
    rspec-expectations (2.14.5)
      diff-lcs (>= 1.1.3, < 2.0)
    rspec-mocks (2.14.5)
    spork (0.9.2)

PLATFORMS
  ruby

DEPENDENCIES
  rspec
  spork_tasks!
